GEM
  remote: https://rubygems.org/
  specs:
    addressable (2.3.4)
    awesome_print (1.1.0)
    builder (3.0.4)
    coderay (1.0.9)
    crack (0.3.2)
    faraday (0.8.7)
      multipart-post (~> 1.1)
    faraday_middleware (0.9.0)
      faraday (>= 0.7.4, < 0.9)
    happymapper (0.4.0)
      libxml-ruby (~> 2.0)
    hashie (2.0.5)
    json (1.7.7)
    libxml-ruby (2.6.0)
    method_source (0.8.2)
    mime-types (1.23)
    multi_json (1.7.6)
    multipart-post (1.2.0)
    net-http-spy (0.2.1)
    netrc (0.7.7)
    nokogiri (1.5.9)
    nokogiri-happymapper (0.5.7)
      nokogiri (~> 1.5)
    octokit (1.24.0)
      addressable (~> 2.2)
      faraday (~> 0.8)
      faraday_middleware (~> 0.9)
      hashie (~> 2.0)
      multi_json (~> 1.3)
      netrc (~> 0.7.7)
    pivotal-tracker (0.5.10)
      builder
      builder
      crack
      happymapper (>= 0.3.2)
      nokogiri (>= 1.4.3)
      nokogiri (>= 1.5.5)
      nokogiri-happymapper (>= 0.5.4)
      rest-client (~> 1.6.0)
      rest-client (~> 1.6.0)
    pry (0.9.12.2)
      coderay (~> 1.0.5)
      method_source (~> 0.8)
      slop (~> 3.4)
    pry-awesome_print (9.6.8)
      awesome_print (~> 1.1.0)
      pry (~> 0.9.0)
    rest-client (1.6.7)
      mime-types (>= 1.16)
    slop (3.4.6)

PLATFORMS
  ruby

DEPENDENCIES
  json (~> 1.7.7)
  net-http-spy
  octokit (~> 1.24.0)
  pivotal-tracker
  pry
  pry-awesome_print
